GEM
  remote: http://rubygems.org/
  specs:
    activesupport (3.0.9)
    fastercsv (1.5.4)
    i18n (0.6.0)
    rack (1.3.2)
    sinatra (1.2.6)
      rack (~> 1.1)
      tilt (>= 1.2.2, < 2.0)
    tilt (1.3.2)

PLATFORMS
  ruby

DEPENDENCIES
  activesupport (= 3.0.9)
  fastercsv
  i18n
  sinatra
